GIT
  remote: git://github.com/moowahaha/despamilator.git
  revision: a2e1d6b0a998de335346447989e43cb8835f91ba
  specs:
    despamilator (1.0)

GEM
  remote: http://rubygems.org/
  specs:
    RedCloth (4.2.3)
    activerecord (2.3.10)
      activesupport (= 2.3.10)
    activesupport (2.3.10)
    diff-lcs (1.1.2)
    hoe (2.8.0)
      rake (>= 0.8.7)
    newgem (1.5.3)
      RedCloth (>= 4.1.1)
      activesupport (~> 2.3.4)
      hoe (>= 2.4.0)
      rubigen (>= 1.5.3)
      syntax (>= 1.0.0)
    one_hundred_percent_coverage (0.0.2)
      simplecov (>= 0.3.7)
    rake (0.8.7)
    rspec (2.4.0)
      rspec-core (~> 2.4.0)
      rspec-expectations (~> 2.4.0)
      rspec-mocks (~> 2.4.0)
    rspec-core (2.4.0)
    rspec-expectations (2.4.0)
      diff-lcs (~> 1.1.2)
    rspec-mocks (2.4.0)
    rubigen (1.5.5)
      activesupport (~> 2.3.5)
    simplecov (0.3.7)
      simplecov-html (>= 0.3.7)
    simplecov-html (0.3.9)
    syntax (1.0.0)

PLATFORMS
  ruby

DEPENDENCIES
  activerecord (>= 2.3.4)
  despamilator!
  hoe (>= 2.7.0)
  newgem (>= 1.5.3)
  one_hundred_percent_coverage
  rspec (>= 2.4.0)
