GEM
  remote: http://rubygems.org/
  specs:
    RedCloth (4.2.3)
    activerecord (2.3.10)
      activesupport (= 2.3.10)
    activesupport (2.3.10)
    despamilator (1.0)
    diff-lcs (1.1.2)
    ffi (1.0.4)
      rake (>= 0.8.7)
    hoe (2.8.0)
      rake (>= 0.8.7)
    newgem (1.5.3)
      RedCloth (>= 4.1.1)
      activesupport (~> 2.3.4)
      hoe (>= 2.4.0)
      rubigen (>= 1.5.3)
      syntax (>= 1.0.0)
    one_hundred_percent_coverage (0.0.2)
      simplecov (>= 0.3.7)
    rake (0.8.7)
    rspec (2.4.0)
      rspec-core (~> 2.4.0)
      rspec-expectations (~> 2.4.0)
      rspec-mocks (~> 2.4.0)
    rspec-core (2.4.0)
    rspec-expectations (2.4.0)
      diff-lcs (~> 1.1.2)
    rspec-mocks (2.4.0)
    rubigen (1.5.5)
      activesupport (~> 2.3.5)
    simplecov (0.3.7)
      simplecov-html (>= 0.3.7)
    simplecov-html (0.3.9)
    sqlite3 (0.1.1)
      ffi (>= 0.6.3)
    syntax (1.0.0)

PLATFORMS
  ruby

DEPENDENCIES
  activerecord (>= 2.3.10)
  despamilator (>= 1.0)
  hoe (>= 2.7.0)
  newgem (>= 1.5.3)
  one_hundred_percent_coverage
  rspec (>= 2.4.0)
  sqlite3 (>= 0.1.1)
