GEM
  remote: http://rubygems.org/
  specs:
    activemodel (3.0.3)
      activesupport (= 3.0.3)
      builder (~> 2.1.2)
      i18n (~> 0.4)
    activerecord (3.0.3)
      activemodel (= 3.0.3)
      activesupport (= 3.0.3)
      arel (~> 2.0.2)
      tzinfo (~> 0.3.23)
    activesupport (3.0.3)
    arel (2.0.6)
    builder (2.1.2)
    despamilator (1.0)
    diff-lcs (1.1.2)
    ffi (1.0.4)
      rake (>= 0.8.7)
    i18n (0.5.0)
    one_hundred_percent_coverage (0.0.2)
      simplecov (>= 0.3.7)
    rake (0.8.7)
    rspec (2.4.0)
      rspec-core (~> 2.4.0)
      rspec-expectations (~> 2.4.0)
      rspec-mocks (~> 2.4.0)
    rspec-core (2.4.0)
    rspec-expectations (2.4.0)
      diff-lcs (~> 1.1.2)
    rspec-mocks (2.4.0)
    simplecov (0.3.7)
      simplecov-html (>= 0.3.7)
    simplecov-html (0.3.9)
    sqlite3 (0.1.1)
      ffi (>= 0.6.3)
    tzinfo (0.3.23)

PLATFORMS
  ruby

DEPENDENCIES
  activerecord (>= 3.0.0)
  despamilator (>= 1.0)
  one_hundred_percent_coverage
  rspec (>= 2.4.0)
  sqlite3 (>= 0.1.1)
