GEM
  remote: http://rubygems.org/
  specs:
    activemodel (7.0.4.3)
      activesupport (= 7.0.4.3)
    activerecord (7.0.4.3)
      activemodel (= 7.0.4.3)
      activesupport (= 7.0.4.3)
    activesupport (7.0.4.3)
      concurrent-ruby (~> 1.0, >= 1.0.2)
      i18n (>= 1.6, < 2)
      minitest (>= 5.1)
      tzinfo (~> 2.0)
    addressable (2.8.2)
      public_suffix (>= 2.0.2, < 6.0)
    archive-tar-minitar (0.5.2)
    columnize (0.3.2)
    concurrent-ruby (1.2.2)
    data_objects (0.10.17)
      addressable (~> 2.1)
    despamilator (1.0)
    diff-lcs (1.1.2)
    dm-core (1.2.1)
      addressable (~> 2.3)
    dm-do-adapter (1.2.0)
      data_objects (~> 0.10.6)
      dm-core (~> 1.2.0)
    dm-migrations (1.2.0)
      dm-core (~> 1.2.0)
    dm-sqlite-adapter (1.2.0)
      dm-do-adapter (~> 1.2.0)
      do_sqlite3 (~> 0.10.6)
    dm-validations (1.2.0)
      dm-core (~> 1.2.0)
    do_sqlite3 (0.10.17)
      data_objects (= 0.10.17)
    i18n (1.12.0)
      concurrent-ruby (~> 1.0)
    linecache19 (0.5.11)
      ruby_core_source (>= 0.1.4)
    mini_portile2 (2.8.1)
    minitest (5.18.0)
    one_hundred_percent_coverage (0.0.2)
      simplecov (>= 0.3.7)
    public_suffix (5.0.1)
    rspec (2.4.0)
      rspec-core (~> 2.4.0)
      rspec-expectations (~> 2.4.0)
      rspec-mocks (~> 2.4.0)
    rspec-core (2.4.0)
    rspec-expectations (2.4.0)
      diff-lcs (~> 1.1.2)
    rspec-mocks (2.4.0)
    ruby-debug-base19 (0.11.24)
      columnize (>= 0.3.1)
      linecache19 (>= 0.5.11)
      ruby_core_source (>= 0.1.4)
    ruby-debug19 (0.11.6)
      columnize (>= 0.3.1)
      linecache19 (>= 0.5.11)
      ruby-debug-base19 (>= 0.11.19)
    ruby_core_source (0.1.4)
      archive-tar-minitar (>= 0.5.2)
    simplecov (0.3.7)
      simplecov-html (>= 0.3.7)
    simplecov-html (0.3.9)
    sqlite3 (1.6.2)
      mini_portile2 (~> 2.8.0)
    tzinfo (2.0.6)
      concurrent-ruby (~> 1.0)

PLATFORMS
  ruby

DEPENDENCIES
  activemodel (>= 6.1.7.3)
  activerecord (>= 6.1.7.1)
  despamilator (>= 1.0)
  dm-migrations (>= 1.0.2)
  dm-sqlite-adapter (>= 1.0.2)
  dm-validations (>= 1.0.2)
  one_hundred_percent_coverage
  rspec (>= 2.4.0)
  ruby-debug19
  sqlite3 (>= 0.1.1)

BUNDLED WITH
   2.1.4
